GEM
  remote: https://rubygems.org/
  specs:
    highline (1.6.21)
    mini_portile (0.6.1)
    nokogiri (1.6.4.1)
      mini_portile (~> 0.6.0)
    rubyzip (1.1.6)
    terminal-notifier (1.6.2)

PLATFORMS
  ruby

DEPENDENCIES
  highline
  nokogiri
  rubyzip (>= 1.0.0)
  terminal-notifier
