GEM
  remote: https://rubygems.org/
  specs:
    mini_portile (0.6.0)
    nokogiri (1.6.2.1)
      mini_portile (= 0.6.0)
    rubyzip (1.1.6)
    terminal-notifier (1.6.0)

PLATFORMS
  ruby

DEPENDENCIES
  nokogiri
  rubyzip (>= 1.0.0)
  terminal-notifier
